STORAGE: NONE
STRATEGY: MAX
RESTRICTION: == net9.0
NUGET
  remote: https://api.nuget.org/v3/index.json
    Basic.CompilerLog.Util (0.9.21)
      MessagePack (>= 3.1.4)
      Microsoft.Bcl.Memory (>= 9.0.10)
      Microsoft.CodeAnalysis (>= 4.8)
      Microsoft.CodeAnalysis.CSharp (>= 4.8)
      Microsoft.CodeAnalysis.VisualBasic (>= 4.8)
      Microsoft.Extensions.ObjectPool (>= 9.0.10)
      MSBuild.StructuredLogger (>= 2.3.71)
      NaturalSort.Extension (>= 4.4)
    Humanizer.Core (2.14.1)
    MessagePack (3.1.4)
      MessagePack.Annotations (>= 3.1.4)
      MessagePackAnalyzer (>= 3.1.4)
      Microsoft.NET.StringTools (>= 17.11.4)
    MessagePack.Annotations (3.1.4)
    MessagePackAnalyzer (3.1.4)
    Microsoft.Bcl.AsyncInterfaces (9.0.10)
    Microsoft.Bcl.Memory (9.0.10)
    Microsoft.Build (17.14.28)
      Microsoft.Build.Framework (>= 17.14.28)
      Microsoft.NET.StringTools (>= 17.14.28)
      System.Configuration.ConfigurationManager (>= 9.0)
      System.Diagnostics.EventLog (>= 9.0)
      System.Reflection.MetadataLoadContext (>= 9.0)
      System.Security.Cryptography.ProtectedData (>= 9.0)
    Microsoft.Build.Framework (17.14.28)
    Microsoft.Build.Utilities.Core (17.14.28)
      Microsoft.Build.Framework (>= 17.14.28)
      Microsoft.NET.StringTools (>= 17.14.28)
      System.Collections.Immutable (>= 9.0)
      System.Configuration.ConfigurationManager (>= 9.0)
      System.Diagnostics.EventLog (>= 9.0)
      System.Security.Cryptography.ProtectedData (>= 9.0)
    Microsoft.CodeAnalysis (4.14)
      Humanizer.Core (>= 2.14.1)
      Microsoft.Bcl.AsyncInterfaces (>= 9.0)
      Microsoft.CodeAnalysis.Analyzers (>= 3.11)
      Microsoft.CodeAnalysis.CSharp.Workspaces (4.14)
      Microsoft.CodeAnalysis.VisualBasic.Workspaces (4.14)
      System.Buffers (>= 4.5.1)
      System.Collections.Immutable (>= 9.0)
      System.Composition (>= 9.0)
      System.IO.Pipelines (>= 9.0)
      System.Memory (>= 4.5.5)
      System.Numerics.Vectors (>= 4.5)
      System.Reflection.Metadata (>= 9.0)
      System.Runtime.CompilerServices.Unsafe (>= 6.0)
      System.Text.Encoding.CodePages (>= 7.0)
      System.Threading.Channels (>= 7.0)
      System.Threading.Tasks.Extensions (>= 4.5.4)
    Microsoft.CodeAnalysis.Analyzers (3.11)
    Microsoft.CodeAnalysis.Common (4.14)
      Microsoft.CodeAnalysis.Analyzers (>= 3.11)
      System.Collections.Immutable (>= 9.0)
      System.Reflection.Metadata (>= 9.0)
    Microsoft.CodeAnalysis.CSharp (4.14)
      Microsoft.CodeAnalysis.Analyzers (>= 3.11)
      Microsoft.CodeAnalysis.Common (4.14)
      System.Collections.Immutable (>= 9.0)
      System.Reflection.Metadata (>= 9.0)
    Microsoft.CodeAnalysis.CSharp.Workspaces (4.14)
      Humanizer.Core (>= 2.14.1)
      Microsoft.CodeAnalysis.Analyzers (>= 3.11)
      Microsoft.CodeAnalysis.Common (4.14)
      Microsoft.CodeAnalysis.CSharp (4.14)
      Microsoft.CodeAnalysis.Workspaces.Common (4.14)
      System.Collections.Immutable (>= 9.0)
      System.Composition (>= 9.0)
      System.IO.Pipelines (>= 9.0)
      System.Reflection.Metadata (>= 9.0)
      System.Threading.Channels (>= 7.0)
    Microsoft.CodeAnalysis.VisualBasic (4.14)
      Microsoft.CodeAnalysis.Analyzers (>= 3.11)
      Microsoft.CodeAnalysis.Common (4.14)
      System.Collections.Immutable (>= 9.0)
      System.Reflection.Metadata (>= 9.0)
    Microsoft.CodeAnalysis.VisualBasic.Workspaces (4.14)
      Humanizer.Core (>= 2.14.1)
      Microsoft.CodeAnalysis.Analyzers (>= 3.11)
      Microsoft.CodeAnalysis.Common (4.14)
      Microsoft.CodeAnalysis.VisualBasic (4.14)
      Microsoft.CodeAnalysis.Workspaces.Common (4.14)
      System.Collections.Immutable (>= 9.0)
      System.Composition (>= 9.0)
      System.IO.Pipelines (>= 9.0)
      System.Reflection.Metadata (>= 9.0)
      System.Threading.Channels (>= 7.0)
    Microsoft.CodeAnalysis.Workspaces.Common (4.14)
      Humanizer.Core (>= 2.14.1)
      Microsoft.CodeAnalysis.Analyzers (>= 3.11)
      Microsoft.CodeAnalysis.Common (4.14)
      System.Collections.Immutable (>= 9.0)
      System.Composition (>= 9.0)
      System.IO.Pipelines (>= 9.0)
      System.Reflection.Metadata (>= 9.0)
      System.Threading.Channels (>= 7.0)
    Microsoft.CodeCoverage (18.0)
    Microsoft.Extensions.ObjectPool (9.0.10)
    Microsoft.NET.StringTools (17.14.28)
    Microsoft.NET.Test.Sdk (18.0)
      Microsoft.CodeCoverage (>= 18.0)
      Microsoft.TestPlatform.TestHost (>= 18.0)
    Microsoft.NETCore.Platforms (7.0.4)
    Microsoft.NETCore.Targets (5.0)
    Microsoft.TestPlatform.ObjectModel (18.0)
      System.Reflection.Metadata (>= 8.0)
    Microsoft.TestPlatform.TestHost (18.0)
      Microsoft.TestPlatform.ObjectModel (>= 18.0)
      Newtonsoft.Json (>= 13.0.3)
    Microsoft.Win32.Primitives (4.3)
      Microsoft.NETCore.Platforms (>= 1.1)
      Microsoft.NETCore.Targets (>= 1.1)
      System.Runtime (>= 4.3)
    Mono.Posix.NETStandard (1.0)
    MSBuild.StructuredLogger (2.3.71)
      Microsoft.Build.Framework (>= 17.5)
      Microsoft.Build.Utilities.Core (>= 17.5)
      System.Collections.Immutable (>= 8.0)
    NaturalSort.Extension (4.4)
    Newtonsoft.Json (13.0.4)
    System.Buffers (4.6.1)
    System.Collections.Immutable (9.0.10)
    System.Composition (9.0.10)
      System.Composition.AttributedModel (>= 9.0.10)
      System.Composition.Convention (>= 9.0.10)
      System.Composition.Hosting (>= 9.0.10)
      System.Composition.Runtime (>= 9.0.10)
      System.Composition.TypedParts (>= 9.0.10)
    System.Composition.AttributedModel (9.0.10)
    System.Composition.Convention (9.0.10)
      System.Composition.AttributedModel (>= 9.0.10)
    System.Composition.Hosting (9.0.10)
      System.Composition.Runtime (>= 9.0.10)
    System.Composition.Runtime (9.0.10)
    System.Composition.TypedParts (9.0.10)
      System.Composition.AttributedModel (>= 9.0.10)
      System.Composition.Hosting (>= 9.0.10)
      System.Composition.Runtime (>= 9.0.10)
    System.Configuration.ConfigurationManager (9.0.10)
      System.Diagnostics.EventLog (>= 9.0.10)
      System.Security.Cryptography.ProtectedData (>= 9.0.10)
    System.Diagnostics.EventLog (9.0.10)
    System.IO (4.3)
      Microsoft.NETCore.Platforms (>= 1.1)
      Microsoft.NETCore.Targets (>= 1.1)
      System.Runtime (>= 4.3)
      System.Text.Encoding (>= 4.3)
      System.Threading.Tasks (>= 4.3)
    System.IO.FileSystem (4.3)
      Microsoft.NETCore.Platforms (>= 1.1)
      Microsoft.NETCore.Targets (>= 1.1)
      System.IO (>= 4.3)
      System.IO.FileSystem.Primitives (>= 4.3)
      System.Runtime (>= 4.3)
      System.Runtime.Handles (>= 4.3)
      System.Text.Encoding (>= 4.3)
      System.Threading.Tasks (>= 4.3)
    System.IO.FileSystem.Primitives (4.3)
      System.Runtime (>= 4.3)
    System.IO.Pipelines (9.0.10)
    System.Memory (4.6.3)
    System.Net.Primitives (4.3.1)
      Microsoft.NETCore.Platforms (>= 1.1.1)
      Microsoft.NETCore.Targets (>= 1.1.3)
      System.Runtime (>= 4.3.1)
      System.Runtime.Handles (>= 4.3)
    System.Numerics.Vectors (4.6.1)
    System.Reflection.Metadata (9.0.10)
    System.Reflection.MetadataLoadContext (9.0.10)
    System.Runtime (4.3.1)
      Microsoft.NETCore.Platforms (>= 1.1.1)
      Microsoft.NETCore.Targets (>= 1.1.3)
    System.Runtime.CompilerServices.Unsafe (6.1.2)
    System.Runtime.Handles (4.3)
      Microsoft.NETCore.Platforms (>= 1.1)
      Microsoft.NETCore.Targets (>= 1.1)
      System.Runtime (>= 4.3)
    System.Security.Cryptography.ProtectedData (9.0.10)
    System.Security.Principal (4.3)
      System.Runtime (>= 4.3)
    System.Text.Encoding (4.3)
      Microsoft.NETCore.Platforms (>= 1.1)
      Microsoft.NETCore.Targets (>= 1.1)
      System.Runtime (>= 4.3)
    System.Text.Encoding.CodePages (9.0.10)
    System.Threading.Channels (9.0.10)
    System.Threading.Tasks (4.3)
      Microsoft.NETCore.Platforms (>= 1.1)
      Microsoft.NETCore.Targets (>= 1.1)
      System.Runtime (>= 4.3)
    System.Threading.Tasks.Extensions (4.6.3)
    System.Threading.ThreadPool (4.3)
      System.Runtime (>= 4.3)
      System.Runtime.Handles (>= 4.3)
    xunit (2.9.3)
      xunit.analyzers (>= 1.18)
      xunit.assert (>= 2.9.3)
      xunit.core (2.9.3)
    xunit.abstractions (2.0.3)
    xunit.analyzers (1.24)
    xunit.assert (2.9.3)
    xunit.core (2.9.3)
      xunit.extensibility.core (2.9.3)
      xunit.extensibility.execution (2.9.3)
    xunit.extensibility.core (2.9.3)
      xunit.abstractions (>= 2.0.3)
    xunit.extensibility.execution (2.9.3)
      xunit.extensibility.core (2.9.3)
    xunit.runner.utility (2.9.3)
      xunit.abstractions (>= 2.0.3)
    xunit.runner.visualstudio (3.1.5)
