STORAGE: NONE
STRATEGY: MIN
RESTRICTION: == net8.0
NUGET
  remote: https://api.nuget.org/v3/index.json
    Basic.CompilerLog.Util (0.7.8)
      MessagePack (>= 2.5.129)
      Microsoft.CodeAnalysis (>= 4.9.2)
      Microsoft.CodeAnalysis.CSharp (>= 4.9.2)
      Microsoft.CodeAnalysis.VisualBasic (>= 4.9.2)
      Microsoft.Extensions.ObjectPool (>= 7.0.13)
      MSBuild.StructuredLogger (>= 2.2.235)
    Humanizer.Core (2.14.1)
    MessagePack (2.5.129)
      MessagePack.Annotations (>= 2.5.129)
      Microsoft.NET.StringTools (>= 17.6.3)
      System.Runtime.CompilerServices.Unsafe (>= 6.0)
    MessagePack.Annotations (2.5.129)
    Microsoft.Build (17.8.3)
      Microsoft.Build.Framework (>= 17.8.3)
      Microsoft.NET.StringTools (>= 17.8.3)
      System.Collections.Immutable (>= 7.0)
      System.Configuration.ConfigurationManager (>= 7.0)
      System.Reflection.Metadata (>= 7.0)
      System.Reflection.MetadataLoadContext (>= 7.0)
      System.Security.Principal.Windows (>= 5.0)
      System.Threading.Tasks.Dataflow (>= 7.0)
    Microsoft.Build.Framework (17.8.3)
    Microsoft.Build.Utilities.Core (17.5)
      Microsoft.Build.Framework (>= 17.5)
      Microsoft.NET.StringTools (>= 17.5)
      System.Collections.Immutable (>= 6.0)
      System.Configuration.ConfigurationManager (>= 6.0)
    Microsoft.CodeAnalysis (4.9.2)
      Microsoft.CodeAnalysis.CSharp.Workspaces (4.9.2)
      Microsoft.CodeAnalysis.VisualBasic.Workspaces (4.9.2)
    Microsoft.CodeAnalysis.Analyzers (3.3.4)
    Microsoft.CodeAnalysis.Common (4.9.2)
      Microsoft.CodeAnalysis.Analyzers (>= 3.3.4)
      System.Collections.Immutable (>= 8.0)
      System.Reflection.Metadata (>= 8.0)
      System.Runtime.CompilerServices.Unsafe (>= 6.0)
    Microsoft.CodeAnalysis.CSharp (4.9.2)
      Microsoft.CodeAnalysis.Common (4.9.2)
    Microsoft.CodeAnalysis.CSharp.Workspaces (4.9.2)
      Humanizer.Core (>= 2.14.1)
      Microsoft.CodeAnalysis.Common (4.9.2)
      Microsoft.CodeAnalysis.CSharp (4.9.2)
      Microsoft.CodeAnalysis.Workspaces.Common (4.9.2)
    Microsoft.CodeAnalysis.VisualBasic (4.9.2)
      Microsoft.CodeAnalysis.Common (4.9.2)
    Microsoft.CodeAnalysis.VisualBasic.Workspaces (4.9.2)
      Microsoft.CodeAnalysis.Common (4.9.2)
      Microsoft.CodeAnalysis.VisualBasic (4.9.2)
      Microsoft.CodeAnalysis.Workspaces.Common (4.9.2)
    Microsoft.CodeAnalysis.Workspaces.Common (4.9.2)
      Humanizer.Core (>= 2.14.1)
      Microsoft.CodeAnalysis.Common (4.9.2)
      System.Composition (>= 8.0)
      System.IO.Pipelines (>= 8.0)
      System.Threading.Channels (>= 8.0)
    Microsoft.CodeCoverage (17.9)
    Microsoft.Extensions.ObjectPool (7.0.13)
    Microsoft.NET.StringTools (17.8.3)
    Microsoft.NET.Test.Sdk (17.9)
      Microsoft.CodeCoverage (>= 17.9)
      Microsoft.TestPlatform.TestHost (>= 17.9)
    Microsoft.NETCore.Platforms (1.1.1)
    Microsoft.NETCore.Targets (1.1.3)
    Microsoft.TestPlatform.ObjectModel (17.9)
      System.Reflection.Metadata (>= 1.6)
    Microsoft.TestPlatform.TestHost (17.9)
      Microsoft.TestPlatform.ObjectModel (>= 17.9)
      Newtonsoft.Json (>= 13.0.1)
    Microsoft.Win32.Primitives (4.3)
      Microsoft.NETCore.Platforms (>= 1.1)
      Microsoft.NETCore.Targets (>= 1.1)
      System.Runtime (>= 4.3)
    Microsoft.Win32.SystemEvents (7.0)
    Mono.Posix.NETStandard (1.0)
    MSBuild.StructuredLogger (2.2.235)
      Microsoft.Build.Framework (>= 17.5)
      Microsoft.Build.Utilities.Core (>= 17.5)
    Newtonsoft.Json (13.0.3)
    System.Collections.Immutable (8.0)
    System.Composition (8.0)
      System.Composition.AttributedModel (>= 8.0)
      System.Composition.Convention (>= 8.0)
      System.Composition.Hosting (>= 8.0)
      System.Composition.Runtime (>= 8.0)
      System.Composition.TypedParts (>= 8.0)
    System.Composition.AttributedModel (8.0)
    System.Composition.Convention (8.0)
      System.Composition.AttributedModel (>= 8.0)
    System.Composition.Hosting (8.0)
      System.Composition.Runtime (>= 8.0)
    System.Composition.Runtime (8.0)
    System.Composition.TypedParts (8.0)
      System.Composition.AttributedModel (>= 8.0)
      System.Composition.Hosting (>= 8.0)
      System.Composition.Runtime (>= 8.0)
    System.Configuration.ConfigurationManager (7.0)
      System.Diagnostics.EventLog (>= 7.0)
      System.Security.Cryptography.ProtectedData (>= 7.0)
      System.Security.Permissions (>= 7.0)
    System.Diagnostics.EventLog (7.0)
    System.Drawing.Common (7.0)
      Microsoft.Win32.SystemEvents (>= 7.0)
    System.IO (4.3)
      Microsoft.NETCore.Platforms (>= 1.1)
      Microsoft.NETCore.Targets (>= 1.1)
      System.Runtime (>= 4.3)
      System.Text.Encoding (>= 4.3)
      System.Threading.Tasks (>= 4.3)
    System.IO.FileSystem (4.3)
      Microsoft.NETCore.Platforms (>= 1.1)
      Microsoft.NETCore.Targets (>= 1.1)
      System.IO (>= 4.3)
      System.IO.FileSystem.Primitives (>= 4.3)
      System.Runtime (>= 4.3)
      System.Runtime.Handles (>= 4.3)
      System.Text.Encoding (>= 4.3)
      System.Threading.Tasks (>= 4.3)
    System.IO.FileSystem.Primitives (4.3)
      System.Runtime (>= 4.3)
    System.IO.Pipelines (8.0)
    System.Net.Primitives (4.3.1)
      Microsoft.NETCore.Platforms (>= 1.1.1)
      Microsoft.NETCore.Targets (>= 1.1.3)
      System.Runtime (>= 4.3.1)
      System.Runtime.Handles (>= 4.3)
    System.Reflection.Metadata (8.0)
      System.Collections.Immutable (>= 8.0)
    System.Reflection.MetadataLoadContext (7.0)
      System.Collections.Immutable (>= 7.0)
      System.Reflection.Metadata (>= 7.0)
    System.Runtime (4.3.1)
      Microsoft.NETCore.Platforms (>= 1.1.1)
      Microsoft.NETCore.Targets (>= 1.1.3)
    System.Runtime.CompilerServices.Unsafe (6.0)
    System.Runtime.Handles (4.3)
      Microsoft.NETCore.Platforms (>= 1.1)
      Microsoft.NETCore.Targets (>= 1.1)
      System.Runtime (>= 4.3)
    System.Security.Cryptography.ProtectedData (7.0)
    System.Security.Permissions (7.0)
      System.Windows.Extensions (>= 7.0)
    System.Security.Principal (4.3)
      System.Runtime (>= 4.3)
    System.Security.Principal.Windows (5.0)
    System.Text.Encoding (4.3)
      Microsoft.NETCore.Platforms (>= 1.1)
      Microsoft.NETCore.Targets (>= 1.1)
      System.Runtime (>= 4.3)
    System.Threading.Channels (8.0)
    System.Threading.Tasks (4.3)
      Microsoft.NETCore.Platforms (>= 1.1)
      Microsoft.NETCore.Targets (>= 1.1)
      System.Runtime (>= 4.3)
    System.Threading.Tasks.Dataflow (7.0)
    System.Threading.ThreadPool (4.3)
      System.Runtime (>= 4.3)
      System.Runtime.Handles (>= 4.3)
    System.Windows.Extensions (7.0)
      System.Drawing.Common (>= 7.0)
    xunit (2.8)
      xunit.analyzers (>= 1.13)
      xunit.assert (>= 2.8)
      xunit.core (2.8)
    xunit.abstractions (2.0.3)
    xunit.analyzers (1.13)
    xunit.assert (2.8)
    xunit.core (2.8)
      xunit.extensibility.core (2.8)
      xunit.extensibility.execution (2.8)
    xunit.extensibility.core (2.8)
      xunit.abstractions (>= 2.0.3)
    xunit.extensibility.execution (2.8)
      xunit.extensibility.core (2.8)
    xunit.runner.utility (2.8)
      xunit.abstractions (>= 2.0.3)
    xunit.runner.visualstudio (2.8)
