STORAGE: NONE
STRATEGY: MAX
RESTRICTION: == net9.0
NUGET
  remote: https://api.nuget.org/v3/index.json
    Basic.CompilerLog.Util (0.9.4)
      MessagePack (>= 2.5.187)
      Microsoft.CodeAnalysis (>= 4.11)
      Microsoft.CodeAnalysis.CSharp (>= 4.11)
      Microsoft.CodeAnalysis.VisualBasic (>= 4.11)
      Microsoft.Extensions.ObjectPool (>= 9.0)
      MSBuild.StructuredLogger (>= 2.2.243)
      System.Buffers (>= 4.6)
    Humanizer.Core (2.14.1)
    MessagePack (3.0.300)
      MessagePack.Annotations (>= 3.0.300)
      MessagePackAnalyzer (>= 3.0.300)
      Microsoft.NET.StringTools (>= 17.11.4)
    MessagePack.Annotations (3.0.300)
    MessagePackAnalyzer (3.0.300)
    Microsoft.Bcl.AsyncInterfaces (9.0)
    Microsoft.Build (17.12.6)
      Microsoft.Build.Framework (>= 17.12.6)
      Microsoft.NET.StringTools (>= 17.12.6)
      System.Collections.Immutable (>= 8.0)
      System.Configuration.ConfigurationManager (>= 8.0)
      System.Reflection.Metadata (>= 8.0)
      System.Reflection.MetadataLoadContext (>= 8.0)
    Microsoft.Build.Framework (17.12.6)
    Microsoft.Build.Utilities.Core (17.12.6)
      Microsoft.Build.Framework (>= 17.12.6)
      Microsoft.NET.StringTools (>= 17.12.6)
      System.Collections.Immutable (>= 8.0)
      System.Configuration.ConfigurationManager (>= 8.0)
    Microsoft.CodeAnalysis (4.12)
      Humanizer.Core (>= 2.14.1)
      Microsoft.Bcl.AsyncInterfaces (>= 8.0)
      Microsoft.CodeAnalysis.Analyzers (>= 3.3.4)
      Microsoft.CodeAnalysis.CSharp.Workspaces (4.12)
      Microsoft.CodeAnalysis.VisualBasic.Workspaces (4.12)
      System.Buffers (>= 4.5.1)
      System.Collections.Immutable (>= 8.0)
      System.Composition (>= 8.0)
      System.IO.Pipelines (>= 8.0)
      System.Memory (>= 4.5.5)
      System.Numerics.Vectors (>= 4.5)
      System.Reflection.Metadata (>= 8.0)
      System.Runtime.CompilerServices.Unsafe (>= 6.0)
      System.Text.Encoding.CodePages (>= 7.0)
      System.Threading.Channels (>= 7.0)
      System.Threading.Tasks.Extensions (>= 4.5.4)
    Microsoft.CodeAnalysis.Analyzers (3.11)
    Microsoft.CodeAnalysis.Common (4.12)
      Microsoft.CodeAnalysis.Analyzers (>= 3.3.4)
      System.Collections.Immutable (>= 8.0)
      System.Reflection.Metadata (>= 8.0)
    Microsoft.CodeAnalysis.CSharp (4.12)
      Microsoft.CodeAnalysis.Analyzers (>= 3.3.4)
      Microsoft.CodeAnalysis.Common (4.12)
      System.Collections.Immutable (>= 8.0)
      System.Reflection.Metadata (>= 8.0)
    Microsoft.CodeAnalysis.CSharp.Workspaces (4.12)
      Humanizer.Core (>= 2.14.1)
      Microsoft.CodeAnalysis.Analyzers (>= 3.3.4)
      Microsoft.CodeAnalysis.Common (4.12)
      Microsoft.CodeAnalysis.CSharp (4.12)
      Microsoft.CodeAnalysis.Workspaces.Common (4.12)
      System.Collections.Immutable (>= 8.0)
      System.Composition (>= 8.0)
      System.IO.Pipelines (>= 8.0)
      System.Reflection.Metadata (>= 8.0)
      System.Threading.Channels (>= 7.0)
    Microsoft.CodeAnalysis.VisualBasic (4.12)
      Microsoft.CodeAnalysis.Analyzers (>= 3.3.4)
      Microsoft.CodeAnalysis.Common (4.12)
      System.Collections.Immutable (>= 8.0)
      System.Reflection.Metadata (>= 8.0)
    Microsoft.CodeAnalysis.VisualBasic.Workspaces (4.12)
      Humanizer.Core (>= 2.14.1)
      Microsoft.CodeAnalysis.Analyzers (>= 3.3.4)
      Microsoft.CodeAnalysis.Common (4.12)
      Microsoft.CodeAnalysis.VisualBasic (4.12)
      Microsoft.CodeAnalysis.Workspaces.Common (4.12)
      System.Collections.Immutable (>= 8.0)
      System.Composition (>= 8.0)
      System.IO.Pipelines (>= 8.0)
      System.Reflection.Metadata (>= 8.0)
      System.Threading.Channels (>= 7.0)
    Microsoft.CodeAnalysis.Workspaces.Common (4.12)
      Humanizer.Core (>= 2.14.1)
      Microsoft.CodeAnalysis.Analyzers (>= 3.3.4)
      Microsoft.CodeAnalysis.Common (4.12)
      System.Collections.Immutable (>= 8.0)
      System.Composition (>= 8.0)
      System.IO.Pipelines (>= 8.0)
      System.Reflection.Metadata (>= 8.0)
      System.Threading.Channels (>= 7.0)
    Microsoft.CodeCoverage (17.12)
    Microsoft.Extensions.ObjectPool (9.0)
    Microsoft.NET.StringTools (17.12.6)
    Microsoft.NET.Test.Sdk (17.12)
      Microsoft.CodeCoverage (>= 17.12)
      Microsoft.TestPlatform.TestHost (>= 17.12)
    Microsoft.NETCore.Platforms (7.0.4)
    Microsoft.NETCore.Targets (5.0)
    Microsoft.TestPlatform.ObjectModel (17.12)
      System.Reflection.Metadata (>= 1.6)
    Microsoft.TestPlatform.TestHost (17.12)
      Microsoft.TestPlatform.ObjectModel (>= 17.12)
      Newtonsoft.Json (>= 13.0.1)
    Microsoft.Win32.Primitives (4.3)
      Microsoft.NETCore.Platforms (>= 1.1)
      Microsoft.NETCore.Targets (>= 1.1)
      System.Runtime (>= 4.3)
    Mono.Posix.NETStandard (1.0)
    MSBuild.StructuredLogger (2.2.386)
      Microsoft.Build.Framework (>= 17.5)
      Microsoft.Build.Utilities.Core (>= 17.5)
      System.Collections.Immutable (>= 8.0)
    Newtonsoft.Json (13.0.3)
    System.Buffers (4.6)
    System.Collections.Immutable (9.0)
    System.Composition (9.0)
      System.Composition.AttributedModel (>= 9.0)
      System.Composition.Convention (>= 9.0)
      System.Composition.Hosting (>= 9.0)
      System.Composition.Runtime (>= 9.0)
      System.Composition.TypedParts (>= 9.0)
    System.Composition.AttributedModel (9.0)
    System.Composition.Convention (9.0)
      System.Composition.AttributedModel (>= 9.0)
    System.Composition.Hosting (9.0)
      System.Composition.Runtime (>= 9.0)
    System.Composition.Runtime (9.0)
    System.Composition.TypedParts (9.0)
      System.Composition.AttributedModel (>= 9.0)
      System.Composition.Hosting (>= 9.0)
      System.Composition.Runtime (>= 9.0)
    System.Configuration.ConfigurationManager (9.0)
      System.Diagnostics.EventLog (>= 9.0)
      System.Security.Cryptography.ProtectedData (>= 9.0)
    System.Diagnostics.EventLog (9.0)
    System.IO (4.3)
      Microsoft.NETCore.Platforms (>= 1.1)
      Microsoft.NETCore.Targets (>= 1.1)
      System.Runtime (>= 4.3)
      System.Text.Encoding (>= 4.3)
      System.Threading.Tasks (>= 4.3)
    System.IO.FileSystem (4.3)
      Microsoft.NETCore.Platforms (>= 1.1)
      Microsoft.NETCore.Targets (>= 1.1)
      System.IO (>= 4.3)
      System.IO.FileSystem.Primitives (>= 4.3)
      System.Runtime (>= 4.3)
      System.Runtime.Handles (>= 4.3)
      System.Text.Encoding (>= 4.3)
      System.Threading.Tasks (>= 4.3)
    System.IO.FileSystem.Primitives (4.3)
      System.Runtime (>= 4.3)
    System.IO.Pipelines (9.0)
    System.Memory (4.6)
    System.Net.Primitives (4.3.1)
      Microsoft.NETCore.Platforms (>= 1.1.1)
      Microsoft.NETCore.Targets (>= 1.1.3)
      System.Runtime (>= 4.3.1)
      System.Runtime.Handles (>= 4.3)
    System.Numerics.Vectors (4.6)
    System.Reflection.Metadata (9.0)
    System.Reflection.MetadataLoadContext (9.0)
    System.Runtime (4.3.1)
      Microsoft.NETCore.Platforms (>= 1.1.1)
      Microsoft.NETCore.Targets (>= 1.1.3)
    System.Runtime.CompilerServices.Unsafe (6.1)
    System.Runtime.Handles (4.3)
      Microsoft.NETCore.Platforms (>= 1.1)
      Microsoft.NETCore.Targets (>= 1.1)
      System.Runtime (>= 4.3)
    System.Security.Cryptography.ProtectedData (9.0)
    System.Security.Principal (4.3)
      System.Runtime (>= 4.3)
    System.Text.Encoding (4.3)
      Microsoft.NETCore.Platforms (>= 1.1)
      Microsoft.NETCore.Targets (>= 1.1)
      System.Runtime (>= 4.3)
    System.Text.Encoding.CodePages (9.0)
    System.Threading.Channels (9.0)
    System.Threading.Tasks (4.3)
      Microsoft.NETCore.Platforms (>= 1.1)
      Microsoft.NETCore.Targets (>= 1.1)
      System.Runtime (>= 4.3)
    System.Threading.Tasks.Extensions (4.6)
    System.Threading.ThreadPool (4.3)
      System.Runtime (>= 4.3)
      System.Runtime.Handles (>= 4.3)
    xunit (2.9.2)
      xunit.analyzers (>= 1.16)
      xunit.assert (>= 2.9.2)
      xunit.core (2.9.2)
    xunit.abstractions (2.0.3)
    xunit.analyzers (1.17)
    xunit.assert (2.9.2)
    xunit.core (2.9.2)
      xunit.extensibility.core (2.9.2)
      xunit.extensibility.execution (2.9.2)
    xunit.extensibility.core (2.9.2)
      xunit.abstractions (>= 2.0.3)
    xunit.extensibility.execution (2.9.2)
      xunit.extensibility.core (2.9.2)
    xunit.runner.utility (2.9.2)
      xunit.abstractions (>= 2.0.3)
    xunit.runner.visualstudio (2.8.2)
